GEM
  remote: https://rubygems.org/
  specs:
    atk (4.2.5)
      glib2 (= 4.2.5)
    cairo (1.17.14)
      native-package-installer (>= 1.0.3)
      pkg-config (>= 1.2.2)
      red-colors
    cairo-gobject (4.2.5)
      cairo (>= 1.16.2)
      glib2 (= 4.2.5)
    coderay (1.1.3)
    erubi (1.13.1)
    fiddle (1.1.6)
    forwardable (1.3.3)
    gdk3 (4.2.5)
      cairo-gobject (= 4.2.5)
      gdk_pixbuf2 (= 4.2.5)
      pango (= 4.2.5)
    gdk_pixbuf2 (4.2.5)
      gio2 (= 4.2.5)
    gettext (3.5.0)
      erubi
      locale (>= 2.0.5)
      prime
      racc
      text (>= 1.3.0)
    gio2 (4.2.5)
      fiddle
      gobject-introspection (= 4.2.5)
    glib2 (4.2.5)
      native-package-installer (>= 1.0.3)
      pkg-config (>= 1.3.5)
    gobject-introspection (4.2.5)
      glib2 (= 4.2.5)
    gtk3 (4.2.5)
      atk (= 4.2.5)
      gdk3 (= 4.2.5)
    hikidoc (0.1.0)
    json (2.9.1)
    kramdown (2.5.1)
      rexml (>= 3.3.9)
    kramdown-parser-gfm (1.1.0)
      kramdown (~> 2.0)
    locale (2.1.4)
    matrix (0.4.2)
    mini_portile2 (2.8.8)
    native-package-installer (1.1.9)
    nkf (0.2.0)
    nokogiri (1.18.1)
      mini_portile2 (~> 2.8.2)
      racc (~> 1.4)
    pango (4.2.5)
      cairo-gobject (= 4.2.5)
      gobject-introspection (= 4.2.5)
    pkg-config (1.5.9)
    poppler (4.2.5)
      cairo-gobject (= 4.2.5)
      gio2 (= 4.2.5)
    prime (0.1.3)
      forwardable
      singleton
    rabbit (3.0.3)
      coderay (>= 1.0.0)
      gdk_pixbuf2 (>= 3.0.9)
      gettext (>= 3.0.1)
      gtk3
      hikidoc
      kramdown-parser-gfm
      nokogiri
      poppler (>= 3.2.5)
      rdtool
      rouge
      rsvg2 (>= 3.1.4)
      rttool
    racc (1.8.1)
    rake (13.2.1)
    rdtool (0.6.38)
    red-colors (0.4.0)
      json
      matrix
    rexml (3.4.0)
    rouge (4.5.1)
    rsvg2 (4.2.5)
      cairo-gobject (= 4.2.5)
      gdk_pixbuf2 (= 4.2.5)
    rttool (1.0.3.0)
    singleton (0.3.0)
    text (1.3.1)

PLATFORMS
  arm64-darwin-23
  ruby

DEPENDENCIES
  nkf
  rabbit
  rake

BUNDLED WITH
   2.6.2
